NUGET
  remote: https://nuget.org/api/v2
  specs:
    Extended.Wpf.Toolkit (2.4)
    FAKE (4.0.2)
    FSharp.Charting (0.90.9)
    FSharp.Compiler.Service (1.4.0.1)
    FSharp.Data (2.1.1)
      Zlib.Portable (>= 1.10.0) - framework: portable-net40+sl50+wp80+win80
    FSharp.Formatting (2.9.1)
      FSharp.Compiler.Service (>= 0.0.87)
      FSharpVSPowerTools.Core (1.8.0)
    FSharpVSPowerTools.Core (1.8.0)
      FSharp.Compiler.Service (>= 0.0.87)
    FSharpx.TypeProviders (1.5.3)
    Microsoft.Bcl (1.1.10)
      Microsoft.Bcl.Build (>= 1.0.14)
    Microsoft.Bcl.Build (1.0.21)
    Microsoft.Net.Http (2.2.29)
      Microsoft.Bcl (>= 1.1.10)
      Microsoft.Bcl.Build (>= 1.0.14)
    NUnit (2.6.4)
    NUnit.Runners (2.6.4)
    Octokit (0.14.0)
      Microsoft.Net.Http
    SourceLink.Fake (1.0.0)
    Zlib.Portable (1.11.0) - framework: portable-net40+sl50+wp80+win80
GITHUB
  remote: fsharp/FAKE
  specs:
    modules/Octokit/Octokit.fsx (69ef5a5ccc1ece211a241fa43781b53d49e58475)
      Octokit
HTTP
  remote: https://download.sysinternals.com
  specs:
    Handle.zip (/files/Handle.zip)